PATH
  remote: .
  specs:
    cuterb (0.2.2)
      rmagick
      rqrcode

GEM
  remote: https://rubygems.org/
  specs:
    chunky_png (1.3.11)
    rake (13.0.1)
    rmagick (3.1.0)
    rqrcode (0.10.1)
      chunky_png (~> 1.0)

PLATFORMS
  ruby

DEPENDENCIES
  bundler (~> 2.0)
  cuterb!
  rake (~> 13.0)

BUNDLED WITH
   2.0.1
