PATH
  remote: .
  specs:
    cuterb (0.1.0)
      rmagick
      rqrcode

GEM
  remote: https://rubygems.org/
  specs:
    chunky_png (1.3.11)
    rake (10.5.0)
    rmagick (2.16.0)
    rqrcode (0.10.1)
      chunky_png (~> 1.0)

PLATFORMS
  ruby

DEPENDENCIES
  bundler (~> 2.0)
  cuterb!
  rake (~> 10.0)

BUNDLED WITH
   2.0.1
